GIT
  remote: git://github.com/travis-ci/unlimited-jce-policy-jdk7.git
  revision: 16230176b2b85f7c569550ce3544b273d77616ee
  specs:
    unlimited-jce-policy-jdk7 (0.1.0)

GEM
  remote: https://rubygems.org/
  specs:

PLATFORMS
  ruby

DEPENDENCIES
  unlimited-jce-policy-jdk7!

BUNDLED WITH
   1.16.0
